PATH
  remote: .
  specs:
    simple_validation (0.1.5)

GEM
  remote: http://rubygems.org/
  specs:
    minitest (3.3.0)
    multi_json (1.4.0)
    rake (10.0.2)
    simplecov (0.7.1)
      multi_json (~> 1.0)
      simplecov-html (~> 0.7.1)
    simplecov-html (0.7.1)

PLATFORMS
  ruby

DEPENDENCIES
  minitest
  rake
  simple_validation!
  simplecov
